GEM
  remote: http://rubygems.org/
  specs:
    nokogiri (1.4.6)
    rspec (1.3.2)

PLATFORMS
  ruby

DEPENDENCIES
  nokogiri (= 1.4.6)
  rspec (= 1.3.2)
